NUGET
  remote: https://nuget.org/api/v2
  specs:
    Argu (1.1.3)
    FsCheck (2.2.3) - framework: >= net452
      FSharp.Core (>= 3.1.2.5)
    FSharp.Core (4.0.0.1) - framework: >= net452
    FSharp.Data (2.2.5)
      Zlib.Portable (>= 1.10.0) - framework: portable-net40+sl50+wp80+win80
    FsUnit (1.4.1) - framework: >= net452
      FSharp.Core (>= 3.1.2.5)
      NUnit (2.6.4)
    NUnit (2.6.4) - framework: >= net452
    Zlib.Portable (1.11.0) - framework: portable-net40+sl50+wp80+win80
